GIT
  remote: http://github.com/huerlisi/PDFKit.git
  revision: 7fd74e36a81af03533fb8f42611458dd9bec7fc6
  specs:
    pdfkit (0.5.0)

GIT
  remote: http://github.com/huerlisi/will_paginate.git
  revision: 05fbcb82299a449fc37fb9198346703740cb39cd
  branch: rails3
  specs:
    will_paginate (3.0.pre3)

GEM
  remote: http://rubygems.org/
  specs:
    SystemTimer (1.2)
    ZenTest (4.4.0)
    abstract (1.0.0)
    actionmailer (3.0.3)
      actionpack (= 3.0.3)
      mail (~> 2.2.9)
    actionpack (3.0.3)
      activemodel (= 3.0.3)
      activesupport (= 3.0.3)
      builder (~> 2.1.2)
      erubis (~> 2.6.6)
      i18n (~> 0.4)
      rack (~> 1.2.1)
      rack-mount (~> 0.6.13)
      rack-test (~> 0.5.6)
      tzinfo (~> 0.3.23)
    activemodel (3.0.3)
      activesupport (= 3.0.3)
      builder (~> 2.1.2)
      i18n (~> 0.4)
    activerecord (3.0.3)
      activemodel (= 3.0.3)
      activesupport (= 3.0.3)
      arel (~> 2.0.2)
      tzinfo (~> 0.3.23)
    activeresource (3.0.3)
      activemodel (= 3.0.3)
      activesupport (= 3.0.3)
    activesupport (3.0.3)
    acts-as-taggable-on (2.0.6)
    arel (2.0.4)
    autotest (4.4.2)
    autotest-rails (4.1.0)
      ZenTest
    bcrypt-ruby (2.1.2)
    builder (2.1.2)
    cancan (1.4.1)
    ckeditor (3.4.2.pre)
      mime-types (>= 1.16)
    compass (0.10.6)
      haml (>= 3.0.4)
    devise (1.1.3)
      bcrypt-ruby (~> 2.1.2)
      warden (~> 0.10.7)
    erubis (2.6.6)
      abstract (>= 1.0.0)
    factory_girl (1.3.2)
    factory_girl_rails (1.0)
      factory_girl (~> 1.3)
      rails (>= 3.0.0.beta4)
    fancy-buttons (1.0.4)
      compass (>= 0.10.6)
    fastercsv (1.5.3)
    formtastic (1.1.0)
      actionpack (>= 2.3.0)
      activesupport (>= 2.3.0)
      i18n (>= 0.4.0)
    haml (3.0.22)
    has_scope (0.5.0)
    hpricot (0.8.3)
    i18n (0.4.2)
    i18n_rails_helpers (0.9.0)
      activerecord
      i18n
    inherited_resources (1.1.2)
      has_scope (~> 0.5.0)
      responders (~> 0.6.0)
    inherited_resources_views (0.4.1)
      inherited_resources (>= 1.0)
    jquery-rails (0.2.4)
      rails (~> 3.0)
    mail (2.2.10)
      activesupport (>= 2.3.6)
      i18n (~> 0.4.1)
      mime-types (~> 1.16)
      treetop (~> 1.4.8)
    mime-types (1.16)
    mysql2 (0.2.6)
    paper_trail (1.6.4)
      actionpack (>= 2.3)
      activerecord (>= 2.3)
    polyglot (0.3.1)
    rack (1.2.1)
    rack-mount (0.6.13)
      rack (>= 1.0.0)
    rack-test (0.5.6)
      rack (>= 1.0)
    rails (3.0.3)
      actionmailer (= 3.0.3)
      actionpack (= 3.0.3)
      activerecord (= 3.0.3)
      activeresource (= 3.0.3)
      activesupport (= 3.0.3)
      bundler (~> 1.0)
      railties (= 3.0.3)
    rails-erd (0.4.1)
      activerecord (~> 3.0)
      activesupport (~> 3.0)
      ruby-graphviz (~> 0.9.18)
    railties (3.0.3)
      actionpack (= 3.0.3)
      activesupport (= 3.0.3)
      rake (>= 0.8.7)
      thor (~> 0.14.4)
    rake (0.8.7)
    responders (0.6.2)
    riddle (1.2.1)
    ruby-graphviz (0.9.19)
    show_for (0.2.3)
    simple-navigation (3.0.2)
      activesupport (>= 2.3.2)
    thinking-sphinx (2.0.1)
      activerecord (>= 3.0.3)
      riddle (>= 1.2.1)
    thor (0.14.6)
    treetop (1.4.9)
      polyglot (>= 0.3.1)
    tzinfo (0.3.23)
    warden (0.10.7)
      rack (>= 1.0.0)
    wkhtmltopdf-binary (0.9.5.1)

PLATFORMS
  ruby

DEPENDENCIES
  SystemTimer
  acts-as-taggable-on (~> 2.0.6)
  autotest
  autotest-rails
  cancan
  ckeditor (= 3.4.2.pre)
  compass (~> 0.10.4)
  devise (~> 1.1)
  factory_girl_rails
  fancy-buttons
  fastercsv
  formtastic (~> 1.1.0)
  haml
  has_scope
  hpricot
  i18n_rails_helpers (~> 0.9)
  inherited_resources
  inherited_resources_views
  jquery-rails
  mysql2
  paper_trail
  pdfkit!
  rails (~> 3.0.0)
  rails-erd
  show_for
  simple-navigation
  thinking-sphinx (~> 2.0.1)
  will_paginate!
  wkhtmltopdf-binary
