GIT
  remote: http://github.com/huerlisi/PDFKit.git
  revision: a7681f142f0114d0433f5e6f3a12922a29062ea5
  specs:
    pdfkit (0.5.0)

GIT
  remote: http://github.com/huerlisi/will_paginate.git
  revision: 05fbcb82299a449fc37fb9198346703740cb39cd
  branch: rails3
  specs:
    will_paginate (3.0.pre3)

GEM
  remote: http://rubygems.org/
  specs:
    SystemTimer (1.2.3)
    ZenTest (4.5.0)
    abstract (1.0.0)
    actionmailer (3.0.7)
      actionpack (= 3.0.7)
      mail (~> 2.2.15)
    actionpack (3.0.7)
      activemodel (= 3.0.7)
      activesupport (= 3.0.7)
      builder (~> 2.1.2)
      erubis (~> 2.6.6)
      i18n (~> 0.5.0)
      rack (~> 1.2.1)
      rack-mount (~> 0.6.14)
      rack-test (~> 0.5.7)
      tzinfo (~> 0.3.23)
    activemodel (3.0.7)
      activesupport (= 3.0.7)
      builder (~> 2.1.2)
      i18n (~> 0.5.0)
    activerecord (3.0.7)
      activemodel (= 3.0.7)
      activesupport (= 3.0.7)
      arel (~> 2.0.2)
      tzinfo (~> 0.3.23)
    activeresource (3.0.7)
      activemodel (= 3.0.7)
      activesupport (= 3.0.7)
    activesupport (3.0.7)
    acts-as-taggable-on (2.0.6)
    arel (2.0.9)
    autotest (4.4.6)
      ZenTest (>= 4.4.1)
    autotest-rails (4.1.0)
      ZenTest
    bcrypt-ruby (2.1.4)
    builder (2.1.2)
    cancan (1.6.4)
    capistrano (2.6.0)
      highline
      net-scp (>= 1.0.0)
      net-sftp (>= 2.0.0)
      net-ssh (>= 2.0.14)
      net-ssh-gateway (>= 1.1.0)
    capistrano-ext (1.2.1)
      capistrano (>= 1.0.0)
    ckeditor (3.4.2.pre)
      mime-types (>= 1.16)
    compass (0.10.6)
      haml (>= 3.0.4)
    daemons (1.1.3)
    delayed_job (2.1.4)
      activesupport (~> 3.0)
      daemons
    devise (1.3.4)
      bcrypt-ruby (~> 2.1.2)
      orm_adapter (~> 0.0.3)
      warden (~> 1.0.3)
    erubis (2.6.6)
      abstract (>= 1.0.0)
    factory_girl (1.3.3)
    factory_girl_rails (1.0.1)
      factory_girl (~> 1.3)
      railties (>= 3.0.0)
    fancy-buttons (1.0.6)
      compass (= 0.10.6)
    fastercsv (1.5.4)
    formtastic (1.1.0)
      actionpack (>= 2.3.0)
      activesupport (>= 2.3.0)
      i18n (>= 0.4.0)
    haml (3.1.1)
    has_scope (0.5.0)
    highline (1.6.2)
    hpricot (0.8.4)
    i18n (0.5.0)
    i18n_rails_helpers (0.14.0)
      activerecord
      i18n
      i18n_rails_helpers
      rails (~> 3.0.0)
    inherited_resources (1.2.2)
      has_scope (~> 0.5.0)
      responders (~> 0.6.0)
    inherited_resources_views (0.4.1)
      inherited_resources (>= 1.0)
    jquery-rails (1.0.2)
      railties (~> 3.0)
      thor (~> 0.14)
    mail (2.2.19)
      activesupport (>= 2.3.6)
      i18n (>= 0.4.0)
      mime-types (~> 1.16)
      treetop (~> 1.4.8)
    mime-types (1.16)
    mysql2 (0.2.7)
    net-scp (1.0.4)
      net-ssh (>= 1.99.1)
    net-sftp (2.0.5)
      net-ssh (>= 2.0.9)
    net-ssh (2.1.4)
    net-ssh-gateway (1.1.0)
      net-ssh (>= 1.99.1)
    orm_adapter (0.0.5)
    paper_trail (2.2.4)
      rails (~> 3)
    polyglot (0.3.1)
    rack (1.2.2)
    rack-mount (0.6.14)
      rack (>= 1.0.0)
    rack-test (0.5.7)
      rack (>= 1.0)
    rails (3.0.7)
      actionmailer (= 3.0.7)
      actionpack (= 3.0.7)
      activerecord (= 3.0.7)
      activeresource (= 3.0.7)
      activesupport (= 3.0.7)
      bundler (~> 1.0)
      railties (= 3.0.7)
    rails-erd (0.4.5)
      activerecord (~> 3.0)
      activesupport (~> 3.0)
      ruby-graphviz (~> 0.9.18)
    railties (3.0.7)
      actionpack (= 3.0.7)
      activesupport (= 3.0.7)
      rake (>= 0.8.7)
      thor (~> 0.14.4)
    rake (0.8.7)
    responders (0.6.4)
    revertible_paper_trail (0.3.1)
      paper_trail (~> 2.2)
      paper_trail (~> 2.2)
      rails (~> 3.0.0)
    riddle (1.3.2)
    ruby-graphviz (0.9.21)
    ruby-ole (1.2.11.1)
    sass (3.1.1)
    show_for (0.2.4)
    simple-navigation (3.2.0)
      activesupport (>= 2.3.2)
    spreadsheet (0.6.5.4)
      ruby-ole (>= 1.0)
    thinking-sphinx (2.0.4)
      activerecord (>= 3.0.3)
      riddle (>= 1.3.2)
    thor (0.14.6)
    treetop (1.4.9)
      polyglot (>= 0.3.1)
    ts-delayed-delta (1.1.2)
      delayed_job (>= 2.1.0)
      thinking-sphinx (>= 1.3.6)
    tzinfo (0.3.27)
    warden (1.0.4)
      rack (>= 1.0)
    wkhtmltopdf-binary (0.9.5.3)

PLATFORMS
  ruby

DEPENDENCIES
  SystemTimer
  acts-as-taggable-on (~> 2.0.6)
  autotest
  autotest-rails
  cancan
  capistrano
  capistrano-ext
  ckeditor (= 3.4.2.pre)
  compass (~> 0.10.4)
  devise (~> 1.1)
  factory_girl_rails
  fancy-buttons
  fastercsv
  formtastic (~> 1.1.0)
  haml
  has_scope
  hpricot
  i18n_rails_helpers (~> 0.9)
  inherited_resources
  inherited_resources_views
  jquery-rails
  mysql2 (= 0.2.7)
  paper_trail
  pdfkit!
  rails (~> 3.0.0)
  rails-erd
  revertible_paper_trail (~> 0.3)
  sass
  show_for
  simple-navigation
  spreadsheet
  thinking-sphinx (~> 2.0.1)
  ts-delayed-delta
  will_paginate!
  wkhtmltopdf-binary
