GIT
  remote: git://github.com/huerlisi/raspell.git
  revision: 6dcf387d6bda27efc5e4a5738dc08dcf888e0693
  specs:
    raspell (1.3)

GIT
  remote: http://github.com/huerlisi/will_paginate.git
  revision: 05fbcb82299a449fc37fb9198346703740cb39cd
  branch: rails3
  specs:
    will_paginate (3.0.pre3)

GIT
  remote: http://github.com/pshoukry/ckeditor.git
  revision: 76a579fd389e8826a0b30b47530eeb7ff99cdb63
  specs:
    ckeditor (3.6.3)
      mime-types (~> 1.16)
      orm_adapter (~> 0.0.5)

GEM
  remote: http://rubygems.org/
  specs:
    Ascii85 (1.0.1)
    SystemTimer (1.2.3)
    ZenTest (4.5.0)
    abstract (1.0.0)
    actionmailer (3.0.11)
      actionpack (= 3.0.11)
      mail (~> 2.2.19)
    actionpack (3.0.11)
      activemodel (= 3.0.11)
      activesupport (= 3.0.11)
      builder (~> 2.1.2)
      erubis (~> 2.6.6)
      i18n (~> 0.5.0)
      rack (~> 1.2.1)
      rack-mount (~> 0.6.14)
      rack-test (~> 0.5.7)
      tzinfo (~> 0.3.23)
    activemodel (3.0.11)
      activesupport (= 3.0.11)
      builder (~> 2.1.2)
      i18n (~> 0.5.0)
    activerecord (3.0.11)
      activemodel (= 3.0.11)
      activesupport (= 3.0.11)
      arel (~> 2.0.10)
      tzinfo (~> 0.3.23)
    activeresource (3.0.11)
      activemodel (= 3.0.11)
      activesupport (= 3.0.11)
    activesupport (3.0.11)
    acts-as-taggable-on (2.0.6)
    airbrake (3.0.9)
      activesupport
      builder
    arel (2.0.10)
    autotest (4.4.6)
      ZenTest (>= 4.4.1)
    autotest-rails (4.1.1)
      ZenTest (= 4.5)
    bcrypt-ruby (3.0.1)
    builder (2.1.2)
    cancan (1.6.7)
    cap-recipes (0.3.39)
    capistrano (2.9.0)
      highline
      net-scp (>= 1.0.0)
      net-sftp (>= 2.0.0)
      net-ssh (>= 2.0.14)
      net-ssh-gateway (>= 1.1.0)
    capistrano-ext (1.2.1)
      capistrano (>= 1.0.0)
    capistrano_colors (0.5.5)
    capones_recipes (1.14.1)
      cap-recipes
      capistrano
      capistrano-ext
      capistrano_colors
    capybara (1.1.2)
      mime-types (>= 1.16)
      nokogiri (>= 1.3.3)
      rack (>= 1.0.0)
      rack-test (>= 0.5.4)
      selenium-webdriver (~> 2.0)
      xpath (~> 0.1.4)
    childprocess (0.3.0)
      ffi (~> 1.0.6)
    chunky_png (1.2.5)
    compass (0.11.7)
      chunky_png (~> 1.2)
      fssm (>= 0.2.7)
      sass (~> 3.1)
    devise (1.5.3)
      bcrypt-ruby (~> 3.0)
      orm_adapter (~> 0.0.3)
      warden (~> 1.1)
    erubis (2.6.6)
      abstract (>= 1.0.0)
    factory_girl (2.5.0)
      activesupport
    factory_girl_rails (1.6.0)
      factory_girl (~> 2.5.0)
      railties (>= 3.0.0)
    fancy-buttons (1.1.2)
      compass (>= 0.11)
    fastercsv (1.5.4)
    ffi (1.0.11)
    formtastic (2.0.2)
      rails (~> 3.0)
    fssm (0.2.8.1)
    haml (3.1.4)
    has_scope (0.5.1)
    highline (1.6.11)
    hpricot (0.8.6)
    i18n (0.5.0)
    i18n_rails_helpers (0.17.1)
    inherited_resources (1.3.0)
      has_scope (~> 0.5.0)
      responders (~> 0.6.0)
    inherited_resources_views (0.4.1)
      inherited_resources (>= 1.0)
    jquery-rails (1.0.19)
      railties (~> 3.0)
      thor (~> 0.14)
    json (1.6.5)
    mail (2.2.19)
      activesupport (>= 2.3.6)
      i18n (>= 0.4.0)
      mime-types (~> 1.16)
      treetop (~> 1.4.8)
    meta_where (1.0.4)
      activerecord (~> 3.0.0)
      activesupport (~> 3.0.0)
      arel (~> 2.0.7)
    mime-types (1.17.2)
    multi_json (1.0.4)
    mysql2 (0.2.18)
    net-scp (1.0.4)
      net-ssh (>= 1.99.1)
    net-sftp (2.0.5)
      net-ssh (>= 2.0.9)
    net-ssh (2.3.0)
    net-ssh-gateway (1.1.0)
      net-ssh (>= 1.99.1)
    nokogiri (1.5.5)
    orm_adapter (0.0.6)
    paper_trail (2.6.0)
      rails (~> 3)
    pdf-reader (1.0.0)
      Ascii85 (~> 1.0.0)
      ruby-rc4
    polyglot (0.3.3)
    prawn (0.12.0)
      pdf-reader (>= 0.9.0)
      ttfunk (~> 1.0.2)
    prawn_rails (0.0.8)
      prawn (>= 0.11.1)
      rails (>= 3.0.0)
    query_reviewer (0.1.3)
    rack (1.2.5)
    rack-google_analytics (1.0.2)
      rack
    rack-mount (0.6.14)
      rack (>= 1.0.0)
    rack-test (0.5.7)
      rack (>= 1.0)
    rails (3.0.11)
      actionmailer (= 3.0.11)
      actionpack (= 3.0.11)
      activerecord (= 3.0.11)
      activeresource (= 3.0.11)
      activesupport (= 3.0.11)
      bundler (~> 1.0)
      railties (= 3.0.11)
    rails-erd (0.4.5)
      activerecord (~> 3.0)
      activesupport (~> 3.0)
      ruby-graphviz (~> 0.9.18)
    railties (3.0.11)
      actionpack (= 3.0.11)
      activesupport (= 3.0.11)
      rake (>= 0.8.7)
      rdoc (~> 3.4)
      thor (~> 0.14.4)
    rake (0.9.2.2)
    rdoc (3.12)
      json (~> 1.4)
    responders (0.6.5)
    revertible_paper_trail (0.3.1)
      paper_trail (~> 2.2)
      paper_trail (~> 2.2)
      rails (~> 3.0.0)
    riddle (1.5.1)
    ruby-graphviz (0.9.21)
    ruby-ole (1.2.11.2)
    ruby-rc4 (0.1.4)
    rubyzip (0.9.5)
    sass (3.1.12)
    selenium-webdriver (2.17.0)
      childprocess (>= 0.2.5)
      ffi (~> 1.0.9)
      multi_json (~> 1.0.4)
      rubyzip
    settingslogic (2.0.8)
    shoulda (2.11.3)
    show_for (0.2.4)
    simple-navigation (3.6.0)
      activesupport (>= 2.3.2)
    spreadsheet (0.6.8)
      ruby-ole (>= 1.0)
    thinking-sphinx (2.0.11)
      activerecord (>= 3.0.3)
      builder (>= 2.1.2)
      riddle (>= 1.5.0)
    thor (0.14.6)
    treetop (1.4.10)
      polyglot
      polyglot (>= 0.3.1)
    ttfunk (1.0.3)
    tzinfo (0.3.31)
    warden (1.1.0)
      rack (>= 1.0)
    webrat (0.7.3)
      nokogiri (>= 1.2.0)
      rack (>= 1.0)
      rack-test (>= 0.5.3)
    xpath (0.1.4)
      nokogiri (~> 1.3)

PLATFORMS
  ruby

DEPENDENCIES
  SystemTimer
  acts-as-taggable-on (= 2.0.6)
  airbrake
  autotest
  autotest-rails
  cancan
  capones_recipes
  capybara
  ckeditor!
  compass
  devise
  factory_girl_rails
  fancy-buttons
  fastercsv
  formtastic
  haml
  has_scope
  hpricot
  i18n_rails_helpers
  inherited_resources
  inherited_resources_views
  jquery-rails
  meta_where
  mysql2 (~> 0.2.6)
  paper_trail
  prawn
  prawn_rails
  query_reviewer
  rack-google_analytics
  rails (~> 3.0.11)
  rails-erd
  raspell!
  rdoc
  revertible_paper_trail
  settingslogic
  shoulda
  show_for
  simple-navigation
  spreadsheet
  thinking-sphinx
  webrat
  will_paginate!
