GIT
  remote: git://github.com/pshoukry/ckeditor.git
  revision: 3827894e9b08b8fe0b6302b8fa0b7a19bc85790e
  specs:
    ckeditor (3.6.1)
      mime-types (~> 1.16)
      orm_adapter (~> 0.0.5)

GIT
  remote: http://github.com/huerlisi/will_paginate.git
  revision: 05fbcb82299a449fc37fb9198346703740cb39cd
  branch: rails3
  specs:
    will_paginate (3.0.pre3)

GEM
  remote: http://rubygems.org/
  specs:
    Ascii85 (1.0.1)
    SystemTimer (1.2.3)
    ZenTest (4.5.0)
    abstract (1.0.0)
    actionmailer (3.0.10)
      actionpack (= 3.0.10)
      mail (~> 2.2.19)
    actionpack (3.0.10)
      activemodel (= 3.0.10)
      activesupport (= 3.0.10)
      builder (~> 2.1.2)
      erubis (~> 2.6.6)
      i18n (~> 0.5.0)
      rack (~> 1.2.1)
      rack-mount (~> 0.6.14)
      rack-test (~> 0.5.7)
      tzinfo (~> 0.3.23)
    activemodel (3.0.10)
      activesupport (= 3.0.10)
      builder (~> 2.1.2)
      i18n (~> 0.5.0)
    activerecord (3.0.10)
      activemodel (= 3.0.10)
      activesupport (= 3.0.10)
      arel (~> 2.0.10)
      tzinfo (~> 0.3.23)
    activeresource (3.0.10)
      activemodel (= 3.0.10)
      activesupport (= 3.0.10)
    activesupport (3.0.10)
    acts-as-taggable-on (2.1.1)
      rails
    airbrake (3.0.4)
      activesupport
      builder
    arel (2.0.10)
    autotest (4.4.6)
      ZenTest (>= 4.4.1)
    autotest-rails (4.1.1)
      ZenTest (= 4.5)
    bcrypt-ruby (3.0.1)
    builder (2.1.2)
    cancan (1.6.6)
    capybara (1.1.1)
      mime-types (>= 1.16)
      nokogiri (>= 1.3.3)
      rack (>= 1.0.0)
      rack-test (>= 0.5.4)
      selenium-webdriver (~> 2.0)
      xpath (~> 0.1.4)
    childprocess (0.2.2)
      ffi (~> 1.0.6)
    chunky_png (1.2.5)
    compass (0.11.5)
      chunky_png (~> 1.2)
      fssm (>= 0.2.7)
      sass (~> 3.1)
    devise (1.4.7)
      bcrypt-ruby (~> 3.0)
      orm_adapter (~> 0.0.3)
      warden (~> 1.0.3)
    erubis (2.6.6)
      abstract (>= 1.0.0)
    factory_girl (2.1.2)
      activesupport
    factory_girl_rails (1.2.0)
      factory_girl (~> 2.1.0)
      railties (>= 3.0.0)
    fancy-buttons (1.1.2)
      compass (>= 0.11)
    fastercsv (1.5.4)
    ffi (1.0.9)
    formtastic (2.0.0)
      rails (~> 3.0)
    fssm (0.2.7)
    haml (3.1.3)
    has_scope (0.5.1)
    hpricot (0.8.4)
    i18n (0.5.0)
    i18n_rails_helpers (0.14.2)
    inherited_resources (1.3.0)
      has_scope (~> 0.5.0)
      responders (~> 0.6.0)
    inherited_resources_views (0.4.1)
      inherited_resources (>= 1.0)
    jquery-rails (1.0.14)
      railties (~> 3.0)
      thor (~> 0.14)
    json_pure (1.6.1)
    mail (2.2.19)
      activesupport (>= 2.3.6)
      i18n (>= 0.4.0)
      mime-types (~> 1.16)
      treetop (~> 1.4.8)
    mime-types (1.16)
    mysql2 (0.2.13)
    nokogiri (1.5.0)
    orm_adapter (0.0.5)
    paper_trail (2.4.0)
      rails (~> 3)
    pdf-reader (0.10.0)
      Ascii85 (~> 1.0.0)
    polyglot (0.3.2)
    prawn (0.12.0)
      pdf-reader (>= 0.9.0)
      ttfunk (~> 1.0.2)
    prawn_rails (0.0.7)
      prawn (>= 0.11.1)
      rails (>= 3.0.0)
    query_reviewer (0.1.3)
    rack (1.2.4)
    rack-mount (0.6.14)
      rack (>= 1.0.0)
    rack-test (0.5.7)
      rack (>= 1.0)
    rails (3.0.10)
      actionmailer (= 3.0.10)
      actionpack (= 3.0.10)
      activerecord (= 3.0.10)
      activeresource (= 3.0.10)
      activesupport (= 3.0.10)
      bundler (~> 1.0)
      railties (= 3.0.10)
    rails-erd (0.4.5)
      activerecord (~> 3.0)
      activesupport (~> 3.0)
      ruby-graphviz (~> 0.9.18)
    railties (3.0.10)
      actionpack (= 3.0.10)
      activesupport (= 3.0.10)
      rake (>= 0.8.7)
      rdoc (~> 3.4)
      thor (~> 0.14.4)
    rake (0.9.2)
    raspell (1.2.2)
    rdoc (3.9.4)
    responders (0.6.4)
    revertible_paper_trail (0.3.1)
      paper_trail (~> 2.2)
      paper_trail (~> 2.2)
      rails (~> 3.0.0)
    riddle (1.4.0)
    ruby-graphviz (0.9.21)
    ruby-ole (1.2.11.2)
    rubyzip (0.9.4)
    sass (3.1.7)
    selenium-webdriver (2.7.0)
      childprocess (>= 0.2.1)
      ffi (>= 1.0.7)
      json_pure
      rubyzip
    shoulda (2.11.3)
    show_for (0.2.4)
    simple-navigation (3.5.0)
      activesupport (>= 2.3.2)
    spreadsheet (0.6.5.9)
      ruby-ole (>= 1.0)
    thinking-sphinx (2.0.7)
      activerecord (>= 3.0.3)
      riddle (>= 1.3.3)
    thor (0.14.6)
    treetop (1.4.10)
      polyglot
      polyglot (>= 0.3.1)
    ttfunk (1.0.2)
    tzinfo (0.3.29)
    warden (1.0.5)
      rack (>= 1.0)
    webrat (0.7.3)
      nokogiri (>= 1.2.0)
      rack (>= 1.0)
      rack-test (>= 0.5.3)
    xpath (0.1.4)
      nokogiri (~> 1.3)

PLATFORMS
  ruby

DEPENDENCIES
  SystemTimer
  acts-as-taggable-on
  airbrake
  autotest
  autotest-rails
  cancan
  capybara
  ckeditor!
  compass
  devise
  factory_girl_rails (~> 1.1)
  fancy-buttons
  fastercsv
  formtastic
  haml
  has_scope
  hpricot
  i18n_rails_helpers
  inherited_resources
  inherited_resources_views
  jquery-rails
  mysql2 (~> 0.2.6)
  paper_trail
  prawn
  prawn_rails
  query_reviewer
  rails
  rails-erd
  raspell
  rdoc
  revertible_paper_trail
  shoulda
  show_for
  simple-navigation
  spreadsheet
  thinking-sphinx
  webrat
  will_paginate!
